NUGET
  remote: https://www.nuget.org/api/v2
  specs:
    taglib (2.1)
