NUGET
  remote: https://www.nuget.org/api/v2
    DotNetKit.ErrorHandling (2.0)
