NUGET
  remote: https://www.nuget.org/api/v2
  specs:
    FSharp.Configuration (0.6)
    FsYaml (2.1)
      FSharp.Configuration (>= 0.4.10)
      YamlDotNet (>= 3.8)
    Persimmon (1.1)
    Persimmon.Console (1.1)
    YamlDotNet (3.9)
